GEM
  remote: https://rubygems.org/
  specs:
    htmlentities (4.3.4)
    mini_portile2 (2.5.1)
    nokogiri (1.11.4)
      mini_portile2 (~> 2.5.0)
      racc (~> 1.4)
    racc (1.5.2)
    trollop (2.1.2)

PLATFORMS
  ruby

DEPENDENCIES
  htmlentities (~> 4.3)
  nokogiri (~> 1.11)
  trollop (~> 2.1)
